GEM
  remote: https://rubygems.org/
  specs:
    CFPropertyList (2.2.8)
    ast (2.0.0)
    astrolabe (1.3.0)
      parser (>= 2.2.0.pre.3, < 3.0)
    facter (2.4.3)
      CFPropertyList (~> 2.2.6)
    hiera (2.0.0)
      json_pure
    json_pure (1.8.2)
    parser (2.2.2.0)
      ast (>= 1.1, < 3.0)
    powerpack (0.1.0)
    puppet (4.0.0)
      facter (> 2.0, < 4)
      hiera (>= 2.0, < 3)
      json_pure
    puppet-lint (1.1.0)
    rainbow (2.0.0)
    rake (10.4.2)
    rubocop (0.30.0)
      astrolabe (~> 1.3)
      parser (>= 2.2.0.1, < 3.0)
      powerpack (~> 0.1)
      rainbow (>= 1.99.1, < 3.0)
      ruby-progressbar (~> 1.4)
    ruby-progressbar (1.7.5)

PLATFORMS
  ruby

DEPENDENCIES
  facter
  hiera
  puppet
  puppet-lint
  rake
  rubocop
